PATH
  remote: .
  specs:
    procemon (0.7.0)
      asynchronous
      loader
      sourcerer

GEM
  remote: http://rubygems.org/
  specs:
    asynchronous (1.0.3)
    loader (1.0.2)
    sourcerer (0.5.2)

PLATFORMS
  ruby

DEPENDENCIES
  procemon!
