PATH
  remote: .
  specs:
    procemon (1.1.1)
      bindless
      loader
      mpatch

GEM
  remote: http://rubygems.org/
  specs:
    bindless (1.0.0)
    loader (1.0.6)
    mpatch (2.3.0)

PLATFORMS
  ruby

DEPENDENCIES
  procemon!
