PATH
  remote: .
  specs:
    procemon (1.0.2)
      bindless
      loader
      mpatch
      sourcerer

GEM
  remote: http://rubygems.org/
  specs:
    active_support (3.0.0)
      activesupport (= 3.0.0)
    activesupport (3.0.0)
    bindless (1.0.0)
    loader (1.0.5)
    mpatch (1.3.0)
      str2duck
    sourcerer (0.5.2)
    str2duck (0.0.1)
      active_support

PLATFORMS
  ruby

DEPENDENCIES
  procemon!
