PATH
  remote: .
  specs:
    procemon (2.0.0.alpha)
      bindless
      loader (>= 1.2.3)
      mpatch

GEM
  remote: http://rubygems.org/
  specs:
    bindless (1.0.1)
    loader (1.2.3)
    mpatch (2.8.1)

PLATFORMS
  ruby

DEPENDENCIES
  procemon!
